PATH
  remote: .
  specs:
    meetup-generator (1.1)
      sinatra (~> 2.0, >= 2.0.1)
      slim (~> 3.0, >= 3.0.0)
      thin (~> 1.7, >= 1.7.0)

GEM
  remote: https://rubygems.org/
  specs:
    ast (2.3.0)
    daemons (1.2.6)
    eventmachine (1.2.5)
    mini_portile2 (2.3.0)
    minitest (5.11.3)
    mustermann (1.0.2)
    nokogiri (1.8.2)
      mini_portile2 (~> 2.3.0)
    parallel (1.12.1)
    parser (2.4.0.2)
      ast (~> 2.3)
    powerpack (0.1.1)
    rack (2.0.3)
    rack-protection (2.0.1)
      rack
    rack-test (0.8.2)
      rack (>= 1.0, < 3)
    rainbow (3.0.0)
    rake (12.3.0)
    rubocop (0.52.1)
      parallel (~> 1.10)
      parser (>= 2.4.0.2, < 3.0)
      powerpack (~> 0.1)
      rainbow (>= 2.2.2, < 4.0)
      ruby-progressbar (~> 1.7)
      unicode-display_width (~> 1.0, >= 1.0.1)
    ruby-progressbar (1.9.0)
    sinatra (2.0.1)
      mustermann (~> 1.0)
      rack (~> 2.0)
      rack-protection (= 2.0.1)
      tilt (~> 2.0)
    slim (3.0.9)
      temple (>= 0.7.6, < 0.9)
      tilt (>= 1.3.3, < 2.1)
    temple (0.8.0)
    thin (1.7.2)
      daemons (~> 1.0, >= 1.0.9)
      eventmachine (~> 1.0, >= 1.0.4)
      rack (>= 1, < 3)
    tilt (2.0.8)
    unicode-display_width (1.3.0)

PLATFORMS
  ruby

DEPENDENCIES
  bundler (~> 1.3)
  meetup-generator!
  minitest (~> 5.11, >= 5.11.0)
  nokogiri (~> 1.8, >= 1.8.0)
  rack-test (~> 0.8, >= 0.8.0)
  rake (~> 12.3, >= 12.3.0)
  rubocop (~> 0.52, >= 0.52.0)

BUNDLED WITH
   1.16.1
