PATH
  remote: .
  specs:
    meetup-generator (1.0)
      sinatra (~> 1.4, >= 1.4.0)
      slim (~> 3.0, >= 3.0.7)
      thin (~> 1.7, >= 1.7.0)

GEM
  remote: https://rubygems.org/
  specs:
    ast (2.3.0)
    daemons (1.2.4)
    eventmachine (1.2.3)
    minitest (5.8.5)
    parser (2.4.0.0)
      ast (~> 2.2)
    powerpack (0.1.1)
    rack (1.6.5)
    rack-protection (1.5.3)
      rack
    rack-test (0.6.3)
      rack (>= 1.0)
    rainbow (2.2.1)
    rake (12.0.0)
    rubocop (0.47.1)
      parser (>= 2.3.3.1, < 3.0)
      powerpack (~> 0.1)
      rainbow (>= 1.99.1, < 3.0)
      ruby-progressbar (~> 1.7)
      unicode-display_width (~> 1.0, >= 1.0.1)
    ruby-progressbar (1.8.1)
    sinatra (1.4.8)
      rack (~> 1.5)
      rack-protection (~> 1.4)
      tilt (>= 1.3, < 3)
    slim (3.0.7)
      temple (~> 0.7.6)
      tilt (>= 1.3.3, < 2.1)
    temple (0.7.7)
    thin (1.7.0)
      daemons (~> 1.0, >= 1.0.9)
      eventmachine (~> 1.0, >= 1.0.4)
      rack (>= 1, < 3)
    tilt (2.0.7)
    unicode-display_width (1.1.3)

PLATFORMS
  ruby

DEPENDENCIES
  bundler (~> 1.3)
  meetup-generator!
  minitest (~> 5.8, >= 5.8.0)
  rack-test (~> 0.6.3)
  rake (~> 12.0)
  rubocop (~> 0.47.0)

BUNDLED WITH
   1.14.6
